GEM
  remote: http://rubygems.org/
  specs:
    aws-sdk (1.67.0)
      aws-sdk-v1 (= 1.67.0)
    aws-sdk-v1 (1.67.0)
      json (~> 1.4)
      nokogiri (~> 1)
    diff-lcs (1.3)
    json (1.8.6)
    json (1.8.6-java)
    libv8 (3.16.14.19)
    mini_portile2 (2.4.0)
    nokogiri (1.10.4)
      mini_portile2 (~> 2.4.0)
    nokogiri (1.10.4-java)
    parseconfig (1.0.8)
    rack (1.6.11)
    rack-protection (1.5.5)
      rack
    ref (2.0.0)
    rspec (3.2.0)
      rspec-core (~> 3.2.0)
      rspec-expectations (~> 3.2.0)
      rspec-mocks (~> 3.2.0)
    rspec-core (3.2.3)
      rspec-support (~> 3.2.0)
    rspec-expectations (3.2.1)
      diff-lcs (>= 1.2.0, < 2.0)
      rspec-support (~> 3.2.0)
    rspec-mocks (3.2.1)
      diff-lcs (>= 1.2.0, < 2.0)
      rspec-support (~> 3.2.0)
    rspec-support (3.2.2)
    sinatra (1.3.6)
      rack (~> 1.4)
      rack-protection (~> 1.3)
      tilt (~> 1.3, >= 1.3.3)
    therubyracer (0.12.3)
      libv8 (~> 3.16.14.15)
      ref
    tilt (1.4.1)

PLATFORMS
  java
  ruby

DEPENDENCIES
  aws-sdk (~> 1.0)
  json (~> 1.8.0)
  nokogiri (= 1.10.4)
  parseconfig
  rspec (~> 3.2.0)
  sinatra (~> 1.3.0)
  therubyracer

BUNDLED WITH
   1.17.2
